PATH
  remote: .
  specs:
    sys-filesystem (1.1.0)
      ffi

GEM
  remote: https://rubygems.org/
  specs:
    ffi (1.3.1)
    rake (10.0.3)
    test-unit (2.5.4)

PLATFORMS
  ruby

DEPENDENCIES
  rake
  sys-filesystem!
  test-unit (>= 2.5.0)
