PATH
  remote: .
  specs:
    sys-filesystem (1.1.2)
      ffi

GEM
  remote: https://rubygems.org/
  specs:
    ffi (1.9.3)
    rake (10.1.0)
    test-unit (2.5.0)

PLATFORMS
  ruby

DEPENDENCIES
  rake
  sys-filesystem!
  test-unit (>= 2.5.0)
